PATH
  remote: .
  specs:
    mysql2psql (0.2.0)
      mysql (= 2.8.1)
      mysql2psql
      pg (~> 0.11.0)

GEM
  remote: http://rubygems.org/
  specs:
    git (1.2.5)
    jeweler (1.5.2)
      bundler (~> 1.0.0)
      git (>= 1.2.5)
      rake
    json (1.6.5)
    mysql (2.8.1)
    pg (0.11.0)
    rake (0.9.2.2)
    rdoc (3.12)
      json (~> 1.4)
    test-unit (2.4.7)

PLATFORMS
  ruby

DEPENDENCIES
  bundler (~> 1.0.21)
  jeweler (~> 1.5.2)
  mysql2psql!
  rake (~> 0.9.2.2)
  rdoc (~> 3.12)
  test-unit (>= 2.1.1)
